GIT
  remote: git://github.com/activeadmin/inherited_resources.git
  revision: 7f86f6044e050350188a85e00543929afbcd1652
  specs:
    inherited_resources (1.9.0)
      actionpack (>= 5.0, < 5.3)
      has_scope (~> 0.6)
      railties (>= 5.0, < 5.3)
      responders

GIT
  remote: git://github.com/bys-control/activeadmin-index_as_calendar.git
  revision: 1e07d605b536f4f9a89c054f34910728f46d3871
  specs:
    activeadmin-index_as_calendar (0.0.13)
      activeadmin
      fullcalendar-rails (~> 3.1)
      momentjs-rails
      rails (>= 4)

GEM
  remote: https://rubygems.org/
  remote: https://rails-assets.org/
  specs:
    actioncable (5.2.2)
      actionpack (= 5.2.2)
      nio4r (~> 2.0)
      websocket-driver (>= 0.6.1)
    actionmailer (5.2.2)
      actionpack (= 5.2.2)
      actionview (= 5.2.2)
      activejob (= 5.2.2)
      mail (~> 2.5, >= 2.5.4)
      rails-dom-testing (~> 2.0)
    actionpack (5.2.2)
      actionview (= 5.2.2)
      activesupport (= 5.2.2)
      rack (~> 2.0)
      rack-test (>= 0.6.3)
      rails-dom-testing (~> 2.0)
      rails-html-sanitizer (~> 1.0, >= 1.0.2)
    actionview (5.2.2)
      activesupport (= 5.2.2)
      builder (~> 3.1)
      erubi (~> 1.4)
      rails-dom-testing (~> 2.0)
      rails-html-sanitizer (~> 1.0, >= 1.0.3)
    activeadmin (1.3.1)
      arbre (>= 1.1.1)
      coffee-rails
      formtastic (~> 3.1)
      formtastic_i18n
      inherited_resources (>= 1.9.0)
      jquery-rails (>= 4.2.0)
      kaminari (>= 0.15)
      railties (>= 4.2, < 5.3)
      ransack (>= 1.8.7)
      sass (~> 3.1)
      sprockets (< 4.1)
    activejob (5.2.2)
      activesupport (= 5.2.2)
      globalid (>= 0.3.6)
    activemodel (5.2.2)
      activesupport (= 5.2.2)
    activerecord (5.2.2)
      activemodel (= 5.2.2)
      activesupport (= 5.2.2)
      arel (>= 9.0)
    activestorage (5.2.2)
      actionpack (= 5.2.2)
      activerecord (= 5.2.2)
      marcel (~> 0.3.1)
    activesupport (5.2.2)
      concurrent-ruby (~> 1.0, >= 1.0.2)
      i18n (>= 0.7, < 2)
      minitest (~> 5.1)
      tzinfo (~> 1.1)
    addressable (2.6.0)
      public_suffix (>= 2.0.2, < 4.0)
    algoliasearch (1.25.2)
      httpclient (~> 2.8, >= 2.8.3)
      json (>= 1.5.1)
    algoliasearch-rails (1.20.6)
      algoliasearch (>= 1.17.0, < 2.0.0)
      json (>= 1.5.1)
    arbre (1.1.1)
      activesupport (>= 3.0.0)
    arel (9.0.0)
    attachinary (1.3.1)
      cloudinary (~> 1.1.0)
      rails (>= 3.2)
    autoprefixer-rails (9.4.6)
      execjs
    aws_cf_signer (0.1.3)
    bcrypt (3.1.12)
    better_errors (2.5.0)
      coderay (>= 1.0.0)
      erubi (>= 1.0.0)
      rack (>= 0.9.0)
    binding_of_caller (0.8.0)
      debug_inspector (>= 0.0.1)
    bootsnap (1.3.2)
      msgpack (~> 1.0)
    bootstrap-sass (3.4.0)
      autoprefixer-rails (>= 5.2.1)
      sassc (>= 2.0.0)
    bootstrap3-datetimepicker-rails (4.17.47)
      momentjs-rails (>= 2.8.1)
    builder (3.2.3)
    byebug (10.0.2)
    cloudinary (1.1.7)
      aws_cf_signer
      rest-client
    coderay (1.1.2)
    coffee-rails (4.2.2)
      coffee-script (>= 2.2.0)
      railties (>= 4.0.0)
    coffee-script (2.4.1)
      coffee-script-source
      execjs
    coffee-script-source (1.12.2)
    concurrent-ruby (1.1.4)
    connection_pool (2.2.2)
    countries (3.0.0)
      i18n_data (~> 0.8.0)
      sixarm_ruby_unaccent (~> 1.1)
      unicode_utils (~> 1.4)
    country_select (4.0.0)
      countries (~> 3.0)
      sort_alphabetical (~> 1.0)
    crass (1.0.4)
    debug_inspector (0.0.3)
    devise (4.5.0)
      bcrypt (~> 3.0)
      orm_adapter (~> 0.1)
      railties (>= 4.1.0, < 6.0)
      responders
      warden (~> 1.2.3)
    domain_name (0.5.20180417)
      unf (>= 0.0.5, < 1.0.0)
    dynopoker (1.3.2)
      logger
    elevatezoom-rails (1.0.0)
    erubi (1.8.0)
    execjs (2.7.0)
    faker (1.9.1)
      i18n (>= 0.7)
    faraday (0.15.4)
      multipart-post (>= 1.2, < 3)
    ffi (1.9.25)
    figaro (1.1.1)
      thor (~> 0.14)
    font-awesome-sass (5.6.1)
      sassc (>= 1.11)
    formtastic (3.1.5)
      actionpack (>= 3.2.13)
    formtastic_i18n (0.6.0)
    friendly_id (5.1.0)
      activerecord (>= 4.0.0)
    fullcalendar-rails (3.9.0.0)
      jquery-rails (>= 4.0.5, < 5.0.0)
      jquery-ui-rails (>= 5.0.2)
      momentjs-rails (>= 2.9.0)
    globalid (0.4.2)
      activesupport (>= 4.2.0)
    gmaps4rails (2.1.2)
    has_scope (0.7.2)
      actionpack (>= 4.1)
      activesupport (>= 4.1)
    hashie (3.6.0)
    http-cookie (1.0.3)
      domain_name (~> 0.5)
    httparty (0.16.3)
      mime-types (~> 3.0)
      multi_xml (>= 0.5.2)
    httpclient (2.8.3)
    i18n (1.5.3)
      concurrent-ruby (~> 1.0)
    i18n_data (0.8.0)
    jbuilder (2.8.0)
      activesupport (>= 4.2.0)
      multi_json (>= 1.2)
    jquery-fileupload-rails (1.0.0)
      actionpack (>= 3.1)
      railties (>= 3.1)
      sassc
    jquery-rails (4.3.3)
      rails-dom-testing (>= 1, < 3)
      railties (>= 4.2.0)
      thor (>= 0.14, < 2.0)
    jquery-ui-rails (6.0.1)
      railties (>= 3.2.16)
    json (2.1.0)
    jwt (2.1.0)
    kaminari (1.1.1)
      activesupport (>= 4.1.0)
      kaminari-actionview (= 1.1.1)
      kaminari-activerecord (= 1.1.1)
      kaminari-core (= 1.1.1)
    kaminari-actionview (1.1.1)
      actionview
      kaminari-core (= 1.1.1)
    kaminari-activerecord (1.1.1)
      activerecord
      kaminari-core (= 1.1.1)
    kaminari-core (1.1.1)
    launchy (2.4.3)
      addressable (~> 2.3)
    letter_opener (1.7.0)
      launchy (~> 2.2)
    listen (3.0.8)
      rb-fsevent (~> 0.9, >= 0.9.4)
      rb-inotify (~> 0.9, >= 0.9.7)
    logger (1.3.0)
    loofah (2.2.3)
      crass (~> 1.0.2)
      nokogiri (>= 1.5.9)
    mail (2.7.1)
      mini_mime (>= 0.1.1)
    marcel (0.3.3)
      mimemagic (~> 0.3.2)
    method_source (0.9.2)
    mime-types (3.2.2)
      mime-types-data (~> 3.2015)
    mime-types-data (3.2018.0812)
    mimemagic (0.3.3)
    mini_mime (1.0.1)
    mini_portile2 (2.4.0)
    minitest (5.11.3)
    momentjs-rails (2.20.1)
      railties (>= 3.1)
    monetize (1.9.0)
      money (~> 6.12)
    money (6.13.2)
      i18n (>= 0.6.4, <= 2)
    money-rails (1.13.1)
      activesupport (>= 3.0)
      monetize (~> 1.9.0)
      money (~> 6.13.0)
      railties (>= 3.0)
    msgpack (1.2.6)
    multi_json (1.13.1)
    multi_xml (0.6.0)
    multipart-post (2.0.0)
    net-http-persistent (3.0.0)
      connection_pool (~> 2.2)
    netrc (0.11.0)
    nio4r (2.3.1)
    nokogiri (1.10.1)
      mini_portile2 (~> 2.4.0)
    oauth2 (1.4.1)
      faraday (>= 0.8, < 0.16.0)
      jwt (>= 1.0, < 3.0)
      multi_json (~> 1.3)
      multi_xml (~> 0.5)
      rack (>= 1.2, < 3)
    omniauth (1.9.0)
      hashie (>= 3.4.6, < 3.7.0)
      rack (>= 1.6.2, < 3)
    omniauth-facebook (5.0.0)
      omniauth-oauth2 (~> 1.2)
    omniauth-oauth2 (1.6.0)
      oauth2 (~> 1.1)
      omniauth (~> 1.9)
    orm_adapter (0.5.0)
    pg (0.21.0)
    pry (0.12.2)
      coderay (~> 1.1.0)
      method_source (~> 0.9.0)
    pry-byebug (3.6.0)
      byebug (~> 10.0)
      pry (~> 0.10)
    pry-rails (0.3.9)
      pry (>= 0.10.4)
    public_suffix (3.0.3)
    puma (3.12.0)
    rack (2.0.6)
    rack-test (1.1.0)
      rack (>= 1.0, < 3)
    rails (5.2.2)
      actioncable (= 5.2.2)
      actionmailer (= 5.2.2)
      actionpack (= 5.2.2)
      actionview (= 5.2.2)
      activejob (= 5.2.2)
      activemodel (= 5.2.2)
      activerecord (= 5.2.2)
      activestorage (= 5.2.2)
      activesupport (= 5.2.2)
      bundler (>= 1.3.0)
      railties (= 5.2.2)
      sprockets-rails (>= 2.0.0)
    rails-assets-underscore (1.9.1)
    rails-dom-testing (2.0.3)
      activesupport (>= 4.2.0)
      nokogiri (>= 1.6)
    rails-html-sanitizer (1.0.4)
      loofah (~> 2.2, >= 2.2.2)
    railties (5.2.2)
      actionpack (= 5.2.2)
      activesupport (= 5.2.2)
      method_source
      rake (>= 0.8.7)
      thor (>= 0.19.0, < 2.0)
    rake (12.3.2)
    ransack (2.1.1)
      actionpack (>= 5.0)
      activerecord (>= 5.0)
      activesupport (>= 5.0)
      i18n
    rb-fsevent (0.10.3)
    rb-inotify (0.10.0)
      ffi (~> 1.0)
    redcarpet (3.4.0)
    redis (4.1.0)
    responders (2.4.1)
      actionpack (>= 4.2.0, < 6.0)
      railties (>= 4.2.0, < 6.0)
    rest-client (2.0.2)
      http-cookie (>= 1.0.2, < 2.0)
      mime-types (>= 1.16, < 4.0)
      netrc (~> 0.8)
    sass (3.7.3)
      sass-listen (~> 4.0.0)
    sass-listen (4.0.0)
      rb-fsevent (~> 0.9, >= 0.9.4)
      rb-inotify (~> 0.9, >= 0.9.7)
    sass-rails (5.0.7)
      railties (>= 4.0.0, < 6)
      sass (~> 3.1)
      sprockets (>= 2.8, < 4.0)
      sprockets-rails (>= 2.0, < 4.0)
      tilt (>= 1.1, < 3)
    sassc (2.0.0)
      ffi (~> 1.9.6)
      rake
    simple_form (4.1.0)
      actionpack (>= 5.0)
      activemodel (>= 5.0)
    sixarm_ruby_unaccent (1.2.0)
    sort_alphabetical (1.1.0)
      unicode_utils (>= 1.2.2)
    spring (2.0.2)
      activesupport (>= 4.2)
    spring-watcher-listen (2.0.1)
      listen (>= 2.7, < 4.0)
      spring (>= 1.2, < 3.0)
    sprockets (3.7.2)
      concurrent-ruby (~> 1.0)
      rack (> 1, < 3)
    sprockets-rails (3.2.1)
      actionpack (>= 4.0)
      activesupport (>= 4.0)
      sprockets (>= 3.0.0)
    stripe (4.6.0)
      faraday (~> 0.13)
      net-http-persistent (~> 3.0)
    thor (0.20.3)
    thread_safe (0.3.6)
    tilt (2.0.9)
    tzinfo (1.2.5)
      thread_safe (~> 0.1)
    uglifier (4.1.20)
      execjs (>= 0.3.0, < 3)
    unf (0.1.4)
      unf_ext
    unf_ext (0.0.7.5)
    unicode_utils (1.4.0)
    warden (1.2.8)
      rack (>= 2.0.6)
    websocket-driver (0.7.0)
      websocket-extensions (>= 0.1.0)
    websocket-extensions (0.1.3)
    wicked_pdf (1.1.0)
    wkhtmltopdf-binary (0.12.4)

PLATFORMS
  ruby

DEPENDENCIES
  activeadmin (~> 1.3.1)
  activeadmin-index_as_calendar!
  algoliasearch-rails
  attachinary
  autoprefixer-rails
  better_errors
  binding_of_caller
  bootsnap
  bootstrap-sass
  bootstrap3-datetimepicker-rails (~> 4.17.47)
  cloudinary (= 1.1.7)
  coffee-rails
  country_select
  devise
  dynopoker
  elevatezoom-rails
  faker
  figaro
  font-awesome-sass
  friendly_id (~> 5.1.0)
  gmaps4rails
  httparty
  inherited_resources!
  jbuilder (~> 2.0)
  jquery-fileupload-rails
  jquery-rails
  letter_opener
  listen (~> 3.0.5)
  momentjs-rails (>= 2.9.0)
  money-rails (~> 1)
  omniauth-facebook
  pg (~> 0.21)
  pry-byebug
  pry-rails
  puma
  rails (~> 5.1, >= 5.1.4)
  rails-assets-underscore!
  redcarpet
  redis
  sass-rails
  simple_form
  spring
  spring-watcher-listen (~> 2.0.0)
  stripe
  uglifier
  wicked_pdf
  wkhtmltopdf-binary

RUBY VERSION
   ruby 2.4.4p296

BUNDLED WITH
   2.0.1
